GEM
  remote: https://rubygems.org/
  specs:
    minitest (5.18.0)

PLATFORMS
  ruby

DEPENDENCIES
  minitest

BUNDLED WITH
   2.2.22
